GEM
  remote: https://rubygems.org/
  specs:
    mysql (2.9.1)
    webrick (1.3.1)

PLATFORMS
  ruby

DEPENDENCIES
  mysql (~> 2.9.1)
  webrick (~> 1.3, >= 1.3.1)

BUNDLED WITH
   1.15.4
