GEM
  remote: https://rubygems.org/
  specs:
    byebug (9.1.0)
    coderay (1.1.2)
    method_source (0.9.0)
    mysql (2.9.1)
    pry (0.11.1)
      coderay (~> 1.1.0)
      method_source (~> 0.9.0)
    pry-byebug (3.5.0)
      byebug (~> 9.1)
      pry (~> 0.10)
    webrick (1.3.1)

PLATFORMS
  ruby

DEPENDENCIES
  mysql (~> 2.9.1)
  pry-byebug
  webrick (~> 1.3, >= 1.3.1)

BUNDLED WITH
   1.15.4
